PATH
  remote: .
  specs:
    fdc (0.0.4)
      builder (~> 3.0.0)

GEM
  remote: http://rubygems.org/
  specs:
    builder (3.0.0)
    gem-licenses (0.1.2)
    rake (0.9.2.2)

PLATFORMS
  ruby

DEPENDENCIES
  fdc!
  gem-licenses (~> 0.1.2)
  rake (~> 0.9.2)
