GEM
  remote: https://rubygems.org/
  specs:
    builder (3.0.0)
    rake (0.9.2.2)

PLATFORMS
  ruby

DEPENDENCIES
  builder
  rake
